PATH
  remote: .
  specs:
    mini_magick (3.3)
      subexec (~> 0.2.1)

GEM
  remote: http://rubygems.org/
  specs:
    rake (13.0.1)
    subexec (0.2.1)
    test-unit (2.4.3)

PLATFORMS
  java
  ruby

DEPENDENCIES
  mini_magick!
  rake
  test-unit
